PATH
  remote: .
  specs:
    yara-ffi (2.1.0)
      ffi

GEM
  remote: https://rubygems.org/
  specs:
    coderay (1.1.3)
    ffi (1.15.3)
    method_source (1.0.0)
    minitest (5.14.4)
    pry (0.14.0)
      coderay (~> 1.1)
      method_source (~> 1.0)
    rake (13.0.3)

PLATFORMS
  x86_64-darwin-19
  x86_64-linux

DEPENDENCIES
  minitest
  pry
  rake
  yara-ffi!

BUNDLED WITH
   2.2.21
